PATH
  remote: .
  specs:
    gedspec (1.0.0)
      activesupport (~> 3.0.3)
      i18n (~> 0.5.0)

GEM
  remote: http://rubygems.org/
  specs:
    activesupport (3.0.3)
    columnize (0.3.2)
    diff-lcs (1.1.2)
    i18n (0.5.0)
    linecache (0.43)
    rspec (2.4.0)
      rspec-core (~> 2.4.0)
      rspec-expectations (~> 2.4.0)
      rspec-mocks (~> 2.4.0)
    rspec-core (2.4.0)
    rspec-expectations (2.4.0)
      diff-lcs (~> 1.1.2)
    rspec-mocks (2.4.0)
    ruby-debug (0.10.4)
      columnize (>= 0.1)
      ruby-debug-base (~> 0.10.4.0)
    ruby-debug-base (0.10.4)
      linecache (>= 0.3)

PLATFORMS
  ruby

DEPENDENCIES
  activesupport (~> 3.0.3)
  gedspec!
  i18n (~> 0.5.0)
  rspec (~> 2.4.0)
  ruby-debug
